PATH
  remote: .
  specs:
    wir (1.0.1)
      image_optimizer
      mini_magick
      thor

GEM
  remote: https://rubygems.org/
  specs:
    coderay (1.1.3)
    image_optimizer (1.9.0)
    method_source (1.0.0)
    mini_magick (4.12.0)
    pry (0.14.2)
      coderay (~> 1.1)
      method_source (~> 1.0)
    thor (1.3.0)

PLATFORMS
  x86_64-linux

DEPENDENCIES
  pry
  wir!

BUNDLED WITH
   2.3.16
